GEM
  remote: https://rubygems.org/
  specs:
    faraday (0.8.8)
      multipart-post (~> 1.2.0)
    json (1.8.0)
    multi_json (1.7.9)
    multipart-post (1.2.0)
    oauth (0.4.7)
    simple_oauth (0.2.0)
    sqlite3 (1.3.7)
    twitter (4.8.1)
      faraday (~> 0.8, < 0.10)
      multi_json (~> 1.0)
      simple_oauth (~> 0.2)

PLATFORMS
  ruby

DEPENDENCIES
  json
  oauth
  sqlite3
  twitter (>= 4.8.1)
